PATH
  remote: .
  specs:
    blurhash (0.1.1)
      ffi

GEM
  remote: https://rubygems.org/
  specs:
    diff-lcs (1.3)
    ffi (1.11.1)
    rake (10.5.0)
    rake-compiler (1.0.8)
      rake
    rspec (3.9.0)
      rspec-core (~> 3.9.0)
      rspec-expectations (~> 3.9.0)
      rspec-mocks (~> 3.9.0)
    rspec-core (3.9.0)
      rspec-support (~> 3.9.0)
    rspec-expectations (3.9.0)
      diff-lcs (>= 1.2.0, < 2.0)
      rspec-support (~> 3.9.0)
    rspec-mocks (3.9.0)
      diff-lcs (>= 1.2.0, < 2.0)
      rspec-support (~> 3.9.0)
    rspec-support (3.9.0)

PLATFORMS
  ruby

DEPENDENCIES
  blurhash!
  bundler (~> 2.0)
  rake (~> 10.0)
  rake-compiler
  rspec (~> 3.0)

BUNDLED WITH
   2.0.2
